PATH
  remote: .
  specs:
    c2dm_on_rails (0.3.1)
      c2dm_on_rails
      configatron
      gdata
      jeweler

GEM
  remote: http://rubygems.org/
  specs:
    configatron (2.9.0)
      yamler (>= 0.1.0)
    gdata (1.1.2)
    git (1.2.5)
    jeweler (1.8.3)
      bundler (~> 1.0)
      git (>= 1.2.5)
      rake
      rdoc
    json (1.6.6)
    rake (0.9.2.2)
    rdoc (3.12)
      json (~> 1.4)
    yamler (0.1.0)

PLATFORMS
  ruby

DEPENDENCIES
  c2dm_on_rails!
  configatron
  gdata
  jeweler
